GIT
  remote: git://github.com/birdfeed/kagu.git
  revision: e4f938c5f22f08d98a75b9d8a94f774252b8ecf3
  specs:
    kagu (0.0.1)
      activerecord
      activesupport
      rake

GEM
  remote: https://rubygems.org/
  specs:
    activemodel (5.0.1)
      activesupport (= 5.0.1)
    activerecord (5.0.1)
      activemodel (= 5.0.1)
      activesupport (= 5.0.1)
      arel (~> 7.0)
    activesupport (5.0.1)
      concurrent-ruby (~> 1.0, >= 1.0.2)
      i18n (~> 0.7)
      minitest (~> 5.1)
      tzinfo (~> 1.1)
    arel (7.1.4)
    celluloid (0.17.3)
      celluloid-essentials
      celluloid-extras
      celluloid-fsm
      celluloid-pool
      celluloid-supervision
      timers (>= 4.1.1)
    celluloid-essentials (0.20.5)
      timers (>= 4.1.1)
    celluloid-extras (0.20.5)
      timers (>= 4.1.1)
    celluloid-fsm (0.20.5)
      timers (>= 4.1.1)
    celluloid-pool (0.20.5)
      timers (>= 4.1.1)
    celluloid-supervision (0.20.6)
      timers (>= 4.1.1)
    concurrent-ruby (1.0.4)
    connection_pool (2.2.1)
    dry-configurable (0.1.7)
      concurrent-ruby (~> 1.0)
    envlogic (1.0.3)
      activesupport
    hitimes (1.2.4)
    i18n (0.7.0)
    karafka (0.5.0.1)
      activesupport (~> 5.0)
      celluloid (~> 0.17)
      dry-configurable (~> 0.1.7)
      envlogic (~> 1.0)
      rake (~> 11.3)
      ruby-kafka (= 0.3.15)
      sidekiq (~> 4.2)
      thor (~> 0.19)
      waterdrop (~> 0.3)
      worker-glass (~> 0.2)
    minitest (5.10.1)
    null-logger (0.1.3)
    rack (2.0.1)
    rack-protection (1.5.3)
      rack
    rake (11.3.0)
    redis (3.3.3)
    ruby-kafka (0.3.15)
    sidekiq (4.2.9)
      concurrent-ruby (~> 1.0)
      connection_pool (~> 2.2, >= 2.2.0)
      rack-protection (>= 1.5.0)
      redis (~> 3.2, >= 3.2.1)
    thor (0.19.4)
    thread_safe (0.3.5)
    timers (4.1.2)
      hitimes
    tzinfo (1.2.2)
      thread_safe (~> 0.1)
    waterdrop (0.3.2.1)
      bundler
      connection_pool
      dry-configurable (~> 0.1.7)
      null-logger
      rake
      ruby-kafka
    worker-glass (0.2.2)
      activesupport
      null-logger

PLATFORMS
  ruby

DEPENDENCIES
  activerecord
  activesupport
  kagu!
  karafka

BUNDLED WITH
   1.14.3
